GIT
  remote: git://github.com/bjeanes/twilio-ruby.git
  revision: 6d1dd813b96780358a6eb4d556ae0b206a944c35
  specs:
    twiliolib (2.0.7)
      builder (>= 2.1.2)

GEM
  remote: http://rubygems.org/
  specs:
    builder (3.0.0)
    configuration (1.2.0)
    heroku (2.2.8)
      launchy (>= 0.3.2)
      rest-client (~> 1.6.1)
      term-ansicolor (~> 1.0.5)
    launchy (0.4.0)
      configuration (>= 0.0.5)
      rake (>= 0.8.1)
    mime-types (1.16)
    rack (1.3.0)
    rake (0.9.2)
    rest-client (1.6.3)
      mime-types (>= 1.16)
    sinatra (1.2.6)
      rack (~> 1.1)
      tilt (>= 1.2.2, < 2.0)
    term-ansicolor (1.0.5)
    tilt (1.3.2)

PLATFORMS
  ruby

DEPENDENCIES
  heroku
  sinatra
  twiliolib!
